GEM
  remote: https://rubygems.org/
  specs:
    awesome_print (1.6.1)
    backports (3.6.4)
    capistrano (3.4.0)
      i18n
      rake (>= 10.0.0)
      sshkit (~> 1.3)
    capybara (2.4.4)
      mime-types (>= 1.16)
      nokogiri (>= 1.3.3)
      rack (>= 1.0.0)
      rack-test (>= 0.5.4)
      xpath (~> 2.0)
    capybara-webkit (1.5.2)
      capybara (>= 2.3.0, < 2.5.0)
      json
    celluloid (0.16.0)
      timers (~> 4.0.0)
    childprocess (0.5.6)
      ffi (~> 1.0, >= 1.0.11)
    coderay (1.1.0)
    coffee-script (2.4.1)
      coffee-script-source
      execjs
    coffee-script-source (1.9.1.1)
    colorize (0.7.7)
    daemons (1.2.2)
    diff-lcs (1.2.5)
    em-websocket (0.5.1)
      eventmachine (>= 0.12.9)
      http_parser.rb (~> 0.6.0)
    eventmachine (1.0.7)
    execjs (2.5.2)
    ffi (1.9.8)
    foreman (0.78.0)
      thor (~> 0.19.1)
    formatador (0.2.5)
    growl (1.0.3)
    guard (2.12.6)
      formatador (>= 0.2.4)
      listen (~> 2.7)
      lumberjack (~> 1.0)
      nenv (~> 0.1)
      notiffany (~> 0.0)
      pry (>= 0.9.12)
      shellany (~> 0.0)
      thor (>= 0.18.1)
    guard-bundler (2.1.0)
      bundler (~> 1.0)
      guard (~> 2.2)
      guard-compat (~> 1.1)
    guard-compat (1.2.1)
    guard-jasmine (1.19.2)
      childprocess
      guard (>= 2.0.0)
      multi_json
      thor
      tilt
    guard-livereload (2.4.0)
      em-websocket (~> 0.5)
      guard (~> 2.8)
      multi_json (~> 1.8)
    guard-rspec (4.5.2)
      guard (~> 2.1)
      guard-compat (~> 1.1)
      rspec (>= 2.99.0, < 4.0)
    hike (1.2.3)
    hitimes (1.2.2)
    http_parser.rb (0.6.0)
    i18n (0.7.0)
    jasmine (1.3.2)
      jasmine-core (~> 1.3.1)
      rack (~> 1.0)
      rack (~> 1.0)
      rack (~> 1.0)
      rack (~> 1.0)
      rack (~> 1.0)
      rack (~> 1.0)
      rack (~> 1.0)
      rack (~> 1.0)
      rack (~> 1.0)
      rack (~> 1.0)
      rack (~> 1.0)
      rack (~> 1.0)
      rack (~> 1.0)
      rack (~> 1.0)
      rack (~> 1.0)
      rack (~> 1.0)
      rack (~> 1.0)
      rack (~> 1.0)
      rack (~> 1.0)
      rack (~> 1.0)
      rack (~> 1.0)
      rack (~> 1.0)
      rack (~> 1.0)
      rack (~> 1.0)
      rack (~> 1.0)
      rack (~> 1.0)
      rack (~> 1.0)
      rack (~> 1.0)
      rack (~> 1.0)
      rack (~> 1.0)
      rack (~> 1.0)
      rack (~> 1.0)
      rack (~> 1.0)
      rack (~> 1.0)
      rack (~> 1.0)
      rack (~> 1.0)
      rack (~> 1.0)
      rack (~> 1.0)
      rack (~> 1.0)
      rack (~> 1.0)
      rack (~> 1.0)
      rack (~> 1.0)
      rack (~> 1.0)
      rack (~> 1.0)
      rack (~> 1.0)
      rack (~> 1.0)
      rack (~> 1.0)
      rack (~> 1.0)
      rack (~> 1.0)
      rack (~> 1.0)
      rack (~> 1.0)
      rack (~> 1.0)
      rack (~> 1.0)
      rack (~> 1.0)
      rack (~> 1.0)
      rack (~> 1.0)
      rack (~> 1.0)
      rack (~> 1.0)
      rack (~> 1.0)
      rack (~> 1.0)
      rack (~> 1.0)
      rack (~> 1.0)
      rack (~> 1.0)
      rack (~> 1.0)
      rack (~> 1.0)
      rack (~> 1.0)
      rack (~> 1.0)
      rack (~> 1.0)
      rack (~> 1.0)
      rack (~> 1.0)
      rack (~> 1.0)
      rack (~> 1.0)
      rack (~> 1.0)
      rack (~> 1.0)
      rack (~> 1.0)
      rack (~> 1.0)
      rack (~> 1.0)
      rack (~> 1.0)
      rack (~> 1.0)
      rack (~> 1.0)
      rack (~> 1.0)
      rack (~> 1.0)
      rack (~> 1.0)
      rack (~> 1.0)
      rack (~> 1.0)
      rack (~> 1.0)
      rack (~> 1.0)
      rack (~> 1.0)
      rack (~> 1.0)
      rack (~> 1.0)
      rack (~> 1.0)
      rack (~> 1.0)
      rack (~> 1.0)
      rack (~> 1.0)
      rack (~> 1.0)
      rack (~> 1.0)
      rack (~> 1.0)
      rack (~> 1.0)
      rack (~> 1.0)
      rack (~> 1.0)
      rack (~> 1.0)
      rack (~> 1.0)
      rack (~> 1.0)
      rack (~> 1.0)
      rack (~> 1.0)
      rack (~> 1.0)
      rack (~> 1.0)
      rack (~> 1.0)
      rack (~> 1.0)
      rack (~> 1.0)
      rack (~> 1.0)
      rack (~> 1.0)
      rack (~> 1.0)
      rack (~> 1.0)
      rack (~> 1.0)
      rack (~> 1.0)
      rack (~> 1.0)
      rack (~> 1.0)
      rack (~> 1.0)
      rack (~> 1.0)
      rack (~> 1.0)
      rack (~> 1.0)
      rack (~> 1.0)
      rack (~> 1.0)
      rack (~> 1.0)
      rack (~> 1.0)
      rack (~> 1.0)
      rack (~> 1.0)
      rack (~> 1.0)
      rack (~> 1.0)
      rack (~> 1.0)
      rack (~> 1.0)
      rack (~> 1.0)
      rack (~> 1.0)
      rack (~> 1.0)
      rack (~> 1.0)
      rack (~> 1.0)
      rack (~> 1.0)
      rack (~> 1.0)
      rack (~> 1.0)
      rack (~> 1.0)
      rack (~> 1.0)
      rack (~> 1.0)
      rack (~> 1.0)
      rack (~> 1.0)
      rack (~> 1.0)
      rack (~> 1.0)
      rack (~> 1.0)
      rack (~> 1.0)
      rack (~> 1.0)
      rack (~> 1.0)
      rack (~> 1.0)
      rack (~> 1.0)
      rack (~> 1.0)
      rack (~> 1.0)
      rack (~> 1.0)
      rack (~> 1.0)
      rack (~> 1.0)
      rack (~> 1.0)
      rack (~> 1.0)
      rack (~> 1.0)
      rack (~> 1.0)
      rack (~> 1.0)
      rack (~> 1.0)
      rack (~> 1.0)
      rack (~> 1.0)
      rack (~> 1.0)
      rack (~> 1.0)
      rack (~> 1.0)
      rack (~> 1.0)
      rack (~> 1.0)
      rack (~> 1.0)
      rack (~> 1.0)
      rack (~> 1.0)
      rack (~> 1.0)
      rack (~> 1.0)
      rack (~> 1.0)
      rack (~> 1.0)
      rack (~> 1.0)
      rack (~> 1.0)
      rack (~> 1.0)
      rack (~> 1.0)
      rack (~> 1.0)
      rack (~> 1.0)
      rack (~> 1.0)
      rack (~> 1.0)
      rack (~> 1.0)
      rack (~> 1.0)
      rack (~> 1.0)
      rack (~> 1.0)
      rack (~> 1.0)
      rack (~> 1.0)
      rack (~> 1.0)
      rack (~> 1.0)
      rack (~> 1.0)
      rack (~> 1.0)
      rack (~> 1.0)
      rack (~> 1.0)
      rack (~> 1.0)
      rack (~> 1.0)
      rack (~> 1.0)
      rack (~> 1.0)
      rack (~> 1.0)
      rack (~> 1.0)
      rack (~> 1.0)
      rack (~> 1.0)
      rack (~> 1.0)
      rack (~> 1.0)
      rack (~> 1.0)
      rack (~> 1.0)
      rack (~> 1.0)
      rack (~> 1.0)
      rack (~> 1.0)
      rack (~> 1.0)
      rack (~> 1.0)
      rack (~> 1.0)
      rack (~> 1.0)
      rack (~> 1.0)
      rack (~> 1.0)
      rack (~> 1.0)
      rack (~> 1.0)
      rack (~> 1.0)
      rack (~> 1.0)
      rack (~> 1.0)
      rack (~> 1.0)
      rack (~> 1.0)
      rack (~> 1.0)
      rack (~> 1.0)
      rack (~> 1.0)
      rack (~> 1.0)
      rack (~> 1.0)
      rack (~> 1.0)
      rack (~> 1.0)
      rack (~> 1.0)
      rack (~> 1.0)
      rack (~> 1.0)
      rack (~> 1.0)
      rack (~> 1.0)
      rack (~> 1.0)
      rack (~> 1.0)
      rack (~> 1.0)
      rack (~> 1.0)
      rack (~> 1.0)
      rack (~> 1.0)
      rack (~> 1.0)
      rack (~> 1.0)
      rack (~> 1.0)
      rack (~> 1.0)
      rack (~> 1.0)
      rack (~> 1.0)
      rack (~> 1.0)
      rack (~> 1.0)
      rack (~> 1.0)
      rack (~> 1.0)
      rack (~> 1.0)
      rack (~> 1.0)
      rack (~> 1.0)
      rack (~> 1.0)
      rack (~> 1.0)
      rack (~> 1.0)
      rack (~> 1.0)
      rack (~> 1.0)
      rack (~> 1.0)
      rack (~> 1.0)
      rack (~> 1.0)
      rack (~> 1.0)
      rack (~> 1.0)
      rack (~> 1.0)
      rack (~> 1.0)
      rack (~> 1.0)
      rack (~> 1.0)
      rack (~> 1.0)
      rack (~> 1.0)
      rack (~> 1.0)
      rack (~> 1.0)
      rack (~> 1.0)
      rack (~> 1.0)
      rack (~> 1.0)
      rack (~> 1.0)
      rack (~> 1.0)
      rack (~> 1.0)
      rack (~> 1.0)
      rack (~> 1.0)
      rack (~> 1.0)
      rack (~> 1.0)
      rack (~> 1.0)
      rack (~> 1.0)
      rack (~> 1.0)
      rack (~> 1.0)
      rack (~> 1.0)
      rack (~> 1.0)
      rack (~> 1.0)
      rack (~> 1.0)
      rack (~> 1.0)
      rack (~> 1.0)
      rack (~> 1.0)
      rack (~> 1.0)
      rack (~> 1.0)
      rack (~> 1.0)
      rack (~> 1.0)
      rack (~> 1.0)
      rack (~> 1.0)
      rack (~> 1.0)
      rack (~> 1.0)
      rack (~> 1.0)
      rack (~> 1.0)
      rack (~> 1.0)
      rack (~> 1.0)
      rack (~> 1.0)
      rack (~> 1.0)
      rack (~> 1.0)
      rack (~> 1.0)
      rack (~> 1.0)
      rack (~> 1.0)
      rack (~> 1.0)
      rack (~> 1.0)
      rack (~> 1.0)
      rack (~> 1.0)
      rack (~> 1.0)
      rack (~> 1.0)
      rack (~> 1.0)
      rack (~> 1.0)
      rack (~> 1.0)
      rack (~> 1.0)
      rack (~> 1.0)
      rack (~> 1.0)
      rack (~> 1.0)
      rack (~> 1.0)
      rack (~> 1.0)
      rspec (>= 1.3.1)
      rspec (>= 1.3.1)
      rspec (>= 1.3.1)
      rspec (>= 1.3.1)
      rspec (>= 1.3.1)
      rspec (>= 1.3.1)
      rspec (>= 1.3.1)
      rspec (>= 1.3.1)
      rspec (>= 1.3.1)
      rspec (>= 1.3.1)
      rspec (>= 1.3.1)
      rspec (>= 1.3.1)
      rspec (>= 1.3.1)
      rspec (>= 1.3.1)
      rspec (>= 1.3.1)
      rspec (>= 1.3.1)
      rspec (>= 1.3.1)
      rspec (>= 1.3.1)
      rspec (>= 1.3.1)
      rspec (>= 1.3.1)
      rspec (>= 1.3.1)
      rspec (>= 1.3.1)
      rspec (>= 1.3.1)
      rspec (>= 1.3.1)
      rspec (>= 1.3.1)
      rspec (>= 1.3.1)
      rspec (>= 1.3.1)
      rspec (>= 1.3.1)
      rspec (>= 1.3.1)
      rspec (>= 1.3.1)
      rspec (>= 1.3.1)
      rspec (>= 1.3.1)
      rspec (>= 1.3.1)
      rspec (>= 1.3.1)
      rspec (>= 1.3.1)
      rspec (>= 1.3.1)
      rspec (>= 1.3.1)
      rspec (>= 1.3.1)
      rspec (>= 1.3.1)
      rspec (>= 1.3.1)
      rspec (>= 1.3.1)
      rspec (>= 1.3.1)
      rspec (>= 1.3.1)
      rspec (>= 1.3.1)
      rspec (>= 1.3.1)
      rspec (>= 1.3.1)
      rspec (>= 1.3.1)
      rspec (>= 1.3.1)
      rspec (>= 1.3.1)
      rspec (>= 1.3.1)
      rspec (>= 1.3.1)
      rspec (>= 1.3.1)
      rspec (>= 1.3.1)
      rspec (>= 1.3.1)
      rspec (>= 1.3.1)
      rspec (>= 1.3.1)
      rspec (>= 1.3.1)
      rspec (>= 1.3.1)
      rspec (>= 1.3.1)
      rspec (>= 1.3.1)
      rspec (>= 1.3.1)
      rspec (>= 1.3.1)
      rspec (>= 1.3.1)
      rspec (>= 1.3.1)
      rspec (>= 1.3.1)
      rspec (>= 1.3.1)
      rspec (>= 1.3.1)
      rspec (>= 1.3.1)
      rspec (>= 1.3.1)
      rspec (>= 1.3.1)
      rspec (>= 1.3.1)
      rspec (>= 1.3.1)
      rspec (>= 1.3.1)
      rspec (>= 1.3.1)
      rspec (>= 1.3.1)
      rspec (>= 1.3.1)
      rspec (>= 1.3.1)
      rspec (>= 1.3.1)
      rspec (>= 1.3.1)
      rspec (>= 1.3.1)
      rspec (>= 1.3.1)
      rspec (>= 1.3.1)
      rspec (>= 1.3.1)
      rspec (>= 1.3.1)
      rspec (>= 1.3.1)
      rspec (>= 1.3.1)
      rspec (>= 1.3.1)
      rspec (>= 1.3.1)
      rspec (>= 1.3.1)
      rspec (>= 1.3.1)
      rspec (>= 1.3.1)
      rspec (>= 1.3.1)
      rspec (>= 1.3.1)
      rspec (>= 1.3.1)
      rspec (>= 1.3.1)
      rspec (>= 1.3.1)
      rspec (>= 1.3.1)
      rspec (>= 1.3.1)
      rspec (>= 1.3.1)
      rspec (>= 1.3.1)
      rspec (>= 1.3.1)
      rspec (>= 1.3.1)
      rspec (>= 1.3.1)
      rspec (>= 1.3.1)
      rspec (>= 1.3.1)
      rspec (>= 1.3.1)
      rspec (>= 1.3.1)
      rspec (>= 1.3.1)
      rspec (>= 1.3.1)
      rspec (>= 1.3.1)
      rspec (>= 1.3.1)
      rspec (>= 1.3.1)
      rspec (>= 1.3.1)
      rspec (>= 1.3.1)
      rspec (>= 1.3.1)
      rspec (>= 1.3.1)
      rspec (>= 1.3.1)
      rspec (>= 1.3.1)
      rspec (>= 1.3.1)
      rspec (>= 1.3.1)
      rspec (>= 1.3.1)
      rspec (>= 1.3.1)
      rspec (>= 1.3.1)
      rspec (>= 1.3.1)
      rspec (>= 1.3.1)
      rspec (>= 1.3.1)
      rspec (>= 1.3.1)
      rspec (>= 1.3.1)
      rspec (>= 1.3.1)
      rspec (>= 1.3.1)
      rspec (>= 1.3.1)
      rspec (>= 1.3.1)
      rspec (>= 1.3.1)
      rspec (>= 1.3.1)
      rspec (>= 1.3.1)
      rspec (>= 1.3.1)
      rspec (>= 1.3.1)
      rspec (>= 1.3.1)
      rspec (>= 1.3.1)
      rspec (>= 1.3.1)
      rspec (>= 1.3.1)
      rspec (>= 1.3.1)
      rspec (>= 1.3.1)
      rspec (>= 1.3.1)
      rspec (>= 1.3.1)
      rspec (>= 1.3.1)
      rspec (>= 1.3.1)
      rspec (>= 1.3.1)
      rspec (>= 1.3.1)
      rspec (>= 1.3.1)
      rspec (>= 1.3.1)
      rspec (>= 1.3.1)
      rspec (>= 1.3.1)
      rspec (>= 1.3.1)
      rspec (>= 1.3.1)
      rspec (>= 1.3.1)
      rspec (>= 1.3.1)
      rspec (>= 1.3.1)
      rspec (>= 1.3.1)
      rspec (>= 1.3.1)
      rspec (>= 1.3.1)
      rspec (>= 1.3.1)
      rspec (>= 1.3.1)
      rspec (>= 1.3.1)
      rspec (>= 1.3.1)
      rspec (>= 1.3.1)
      rspec (>= 1.3.1)
      rspec (>= 1.3.1)
      rspec (>= 1.3.1)
      rspec (>= 1.3.1)
      rspec (>= 1.3.1)
      rspec (>= 1.3.1)
      rspec (>= 1.3.1)
      rspec (>= 1.3.1)
      rspec (>= 1.3.1)
      rspec (>= 1.3.1)
      rspec (>= 1.3.1)
      rspec (>= 1.3.1)
      rspec (>= 1.3.1)
      rspec (>= 1.3.1)
      rspec (>= 1.3.1)
      rspec (>= 1.3.1)
      rspec (>= 1.3.1)
      rspec (>= 1.3.1)
      rspec (>= 1.3.1)
      rspec (>= 1.3.1)
      rspec (>= 1.3.1)
      rspec (>= 1.3.1)
      rspec (>= 1.3.1)
      rspec (>= 1.3.1)
      rspec (>= 1.3.1)
      rspec (>= 1.3.1)
      rspec (>= 1.3.1)
      rspec (>= 1.3.1)
      rspec (>= 1.3.1)
      rspec (>= 1.3.1)
      rspec (>= 1.3.1)
      rspec (>= 1.3.1)
      rspec (>= 1.3.1)
      rspec (>= 1.3.1)
      rspec (>= 1.3.1)
      rspec (>= 1.3.1)
      rspec (>= 1.3.1)
      rspec (>= 1.3.1)
      rspec (>= 1.3.1)
      rspec (>= 1.3.1)
      rspec (>= 1.3.1)
      rspec (>= 1.3.1)
      rspec (>= 1.3.1)
      rspec (>= 1.3.1)
      rspec (>= 1.3.1)
      rspec (>= 1.3.1)
      rspec (>= 1.3.1)
      rspec (>= 1.3.1)
      rspec (>= 1.3.1)
      rspec (>= 1.3.1)
      rspec (>= 1.3.1)
      rspec (>= 1.3.1)
      rspec (>= 1.3.1)
      rspec (>= 1.3.1)
      rspec (>= 1.3.1)
      rspec (>= 1.3.1)
      rspec (>= 1.3.1)
      rspec (>= 1.3.1)
      rspec (>= 1.3.1)
      rspec (>= 1.3.1)
      rspec (>= 1.3.1)
      rspec (>= 1.3.1)
      rspec (>= 1.3.1)
      rspec (>= 1.3.1)
      rspec (>= 1.3.1)
      rspec (>= 1.3.1)
      rspec (>= 1.3.1)
      rspec (>= 1.3.1)
      rspec (>= 1.3.1)
      rspec (>= 1.3.1)
      rspec (>= 1.3.1)
      rspec (>= 1.3.1)
      rspec (>= 1.3.1)
      rspec (>= 1.3.1)
      rspec (>= 1.3.1)
      rspec (>= 1.3.1)
      rspec (>= 1.3.1)
      rspec (>= 1.3.1)
      rspec (>= 1.3.1)
      rspec (>= 1.3.1)
      rspec (>= 1.3.1)
      rspec (>= 1.3.1)
      rspec (>= 1.3.1)
      rspec (>= 1.3.1)
      rspec (>= 1.3.1)
      rspec (>= 1.3.1)
      rspec (>= 1.3.1)
      rspec (>= 1.3.1)
      rspec (>= 1.3.1)
      rspec (>= 1.3.1)
      rspec (>= 1.3.1)
      rspec (>= 1.3.1)
      rspec (>= 1.3.1)
      rspec (>= 1.3.1)
      rspec (>= 1.3.1)
      rspec (>= 1.3.1)
      rspec (>= 1.3.1)
      rspec (>= 1.3.1)
      rspec (>= 1.3.1)
      rspec (>= 1.3.1)
      rspec (>= 1.3.1)
      rspec (>= 1.3.1)
      rspec (>= 1.3.1)
      rspec (>= 1.3.1)
      rspec (>= 1.3.1)
      rspec (>= 1.3.1)
      rspec (>= 1.3.1)
      rspec (>= 1.3.1)
      rspec (>= 1.3.1)
      rspec (>= 1.3.1)
      rspec (>= 1.3.1)
      rspec (>= 1.3.1)
      rspec (>= 1.3.1)
      rspec (>= 1.3.1)
      rspec (>= 1.3.1)
      rspec (>= 1.3.1)
      rspec (>= 1.3.1)
      rspec (>= 1.3.1)
      rspec (>= 1.3.1)
      rspec (>= 1.3.1)
      rspec (>= 1.3.1)
      rspec (>= 1.3.1)
      rspec (>= 1.3.1)
      rspec (>= 1.3.1)
      rspec (>= 1.3.1)
      rspec (>= 1.3.1)
      rspec (>= 1.3.1)
      rspec (>= 1.3.1)
      rspec (>= 1.3.1)
      rspec (>= 1.3.1)
      rspec (>= 1.3.1)
      rspec (>= 1.3.1)
      rspec (>= 1.3.1)
      rspec (>= 1.3.1)
      rspec (>= 1.3.1)
      rspec (>= 1.3.1)
      rspec (>= 1.3.1)
      rspec (>= 1.3.1)
      rspec (>= 1.3.1)
      rspec (>= 1.3.1)
      rspec (>= 1.3.1)
      rspec (>= 1.3.1)
      rspec (>= 1.3.1)
      rspec (>= 1.3.1)
      rspec (>= 1.3.1)
      rspec (>= 1.3.1)
      rspec (>= 1.3.1)
      rspec (>= 1.3.1)
      rspec (>= 1.3.1)
      rspec (>= 1.3.1)
      rspec (>= 1.3.1)
      rspec (>= 1.3.1)
      rspec (>= 1.3.1)
      rspec (>= 1.3.1)
      rspec (>= 1.3.1)
      rspec (>= 1.3.1)
      rspec (>= 1.3.1)
      rspec (>= 1.3.1)
      rspec (>= 1.3.1)
      rspec (>= 1.3.1)
      rspec (>= 1.3.1)
      rspec (>= 1.3.1)
      rspec (>= 1.3.1)
      selenium-webdriver (>= 0.1.3)
    jasmine-core (1.3.1)
    jasmine-headless-webkit (0.8.4)
      coffee-script
      jasmine-core (~> 1.1)
      multi_json
      rainbow
      sprockets (~> 2)
    json (1.8.3)
    listen (2.10.1)
      celluloid (~> 0.16.0)
      rb-fsevent (>= 0.9.3)
      rb-inotify (>= 0.9)
    lumberjack (1.0.9)
    method_source (0.8.2)
    mime-types (2.6.1)
    mini_portile (0.6.2)
    multi_json (1.11.1)
    nenv (0.2.0)
    net-scp (1.2.1)
      net-ssh (>= 2.6.5)
    net-ssh (2.9.2)
    nokogiri (1.6.6.2)
      mini_portile (~> 0.6.0)
    notiffany (0.0.6)
      nenv (~> 0.1)
      shellany (~> 0.0)
    pry (0.10.1)
      coderay (~> 1.1.0)
      method_source (~> 0.8.1)
      slop (~> 3.4)
    rack (1.6.4)
    rack-protection (1.5.3)
      rack
    rack-test (0.6.3)
      rack (>= 1.0)
    rainbow (2.0.0)
    rake (10.4.2)
    rb-fsevent (0.9.5)
    rb-inotify (0.9.5)
      ffi (>= 0.5.0)
    rspec (3.3.0)
      rspec-core (~> 3.3.0)
      rspec-expectations (~> 3.3.0)
      rspec-mocks (~> 3.3.0)
    rspec-core (3.3.1)
      rspec-support (~> 3.3.0)
    rspec-expectations (3.3.0)
      diff-lcs (>= 1.2.0, < 2.0)
      rspec-support (~> 3.3.0)
    rspec-mocks (3.3.1)
      diff-lcs (>= 1.2.0, < 2.0)
      rspec-support (~> 3.3.0)
    rspec-support (3.3.0)
    rubyzip (1.1.7)
    sass (3.4.14)
    selenium-webdriver (2.46.2)
      childprocess (~> 0.5)
      multi_json (~> 1.0)
      rubyzip (~> 1.0)
      websocket (~> 1.0)
    shellany (0.0.1)
    shotgun (0.9.1)
      rack (>= 1.0)
    sinatra (1.4.6)
      rack (~> 1.4)
      rack-protection (~> 1.4)
      tilt (>= 1.3, < 3)
    sinatra-contrib (1.4.4)
      backports (>= 2.0)
      multi_json
      rack-protection
      rack-test
      sinatra (~> 1.4.0)
      tilt (>= 1.3, < 3)
    slop (3.6.0)
    sprockets (2.12.3)
      hike (~> 1.2)
      multi_json (~> 1.0)
      rack (~> 1.0)
      tilt (~> 1.1, != 1.3.0)
    sshkit (1.7.1)
      colorize (>= 0.7.0)
      net-scp (>= 1.1.2)
      net-ssh (>= 2.8.0)
    susy (2.2.5)
      sass (>= 3.3.0, < 3.5)
    terminal-notifier (1.6.3)
    thin (1.6.3)
      daemons (~> 1.0, >= 1.0.9)
      eventmachine (~> 1.0)
      rack (~> 1.0)
    thor (0.19.1)
    tilt (1.4.1)
    timers (4.0.1)
      hitimes
    websocket (1.2.2)
    xpath (2.0.0)
      nokogiri (~> 1.3)

PLATFORMS
  ruby

DEPENDENCIES
  awesome_print
  capistrano
  capybara
  capybara-webkit
  foreman (~> 0.62)
  growl
  guard
  guard-bundler
  guard-jasmine
  guard-livereload
  guard-rspec
  jasmine
  jasmine-headless-webkit
  rack
  rack-test
  rake
  rb-fsevent
  rspec
  shotgun
  sinatra (~> 1.4.5)
  sinatra-contrib (~> 1.4.2)
  susy
  terminal-notifier
  thin
